GEM
  remote: https://rubygems.org/
  specs:
    colorize (0.8.1)
    nokogiri (1.15.2-x86_64-linux)
      racc (~> 1.4)
    pastel (0.8.0)
      tty-color (~> 0.5)
    racc (1.6.2)
    tty-color (0.6.0)
    tty-cursor (0.7.1)
    tty-prompt (0.23.1)
      pastel (~> 0.8)
      tty-reader (~> 0.8)
    tty-reader (0.9.0)
      tty-cursor (~> 0.7)
      tty-screen (~> 0.8)
      wisper (~> 2.0)
    tty-screen (0.8.1)
    wisper (2.0.1)

PLATFORMS
  x86_64-linux

DEPENDENCIES
  colorize
  nokogiri
  tty-prompt

BUNDLED WITH
   2.4.7
